GEM
  remote: http://rubygems.org/
  specs:
    addressable (2.4.0)
    ast (2.4.0)
    builder (3.2.4)
    cri (2.15.11)
    descendants_tracker (0.0.4)
      thread_safe (~> 0.3, >= 0.3.1)
    ethon (0.12.0)
      ffi (>= 1.3.0)
    faraday (0.9.2)
      multipart-post (>= 1.2, < 3)
    ffi (1.12.1)
    git (1.5.0)
    github_api (0.16.0)
      addressable (~> 2.4.0)
      descendants_tracker (~> 0.0.4)
      faraday (~> 0.8, < 0.10)
      hashie (>= 3.4)
      mime-types (>= 1.16, < 3.0)
      oauth2 (~> 1.0)
    hashie (4.0.0)
    highline (2.0.3)
    jaro_winkler (1.5.4)
    jeweler (2.3.9)
      builder
      bundler
      git (>= 1.2.5)
      github_api (~> 0.16.0)
      highline (>= 1.6.15)
      nokogiri (>= 1.5.10)
      psych
      rake
      rdoc
      semver2
    jwt (2.2.1)
    mime-types (2.99.3)
    mini_portile2 (2.4.0)
    minitest (5.14.2)
    multi_json (1.14.1)
    multi_xml (0.6.0)
    multipart-post (2.1.1)
    nokogiri (1.10.7)
      mini_portile2 (~> 2.4.0)
    oauth2 (1.4.2)
      faraday (>= 0.8, < 2.0)
      jwt (>= 1.0, < 3.0)
      multi_json (~> 1.3)
      multi_xml (~> 0.5)
      rack (>= 1.2, < 3)
    parallel (1.19.1)
    parser (2.7.0.2)
      ast (~> 2.4.0)
    psych (3.1.0)
    rack (2.2.3)
    rainbow (3.0.0)
    rake (13.0.3)
    rdoc (6.2.1)
    rubocop (0.79.0)
      jaro_winkler (~> 1.5.1)
      parallel (~> 1.10)
      parser (>= 2.7.0.1)
      rainbow (>= 2.2.2, < 4.0)
      ruby-progressbar (~> 1.7)
      unicode-display_width (>= 1.4.0, < 1.7)
    ruby-progressbar (1.10.1)
    semver2 (3.4.2)
    thread_safe (0.3.6)
    typhoeus (1.3.1)
      ethon (>= 0.9.0)
    unicode-display_width (1.6.1)

PLATFORMS
  ruby

DEPENDENCIES
  cri (~> 2.15.10)
  jeweler
  minitest (~> 5.14)
  rake (~> 13.0.1)
  rubocop (~> 0.79.0)
  typhoeus (~> 1.3.1)

BUNDLED WITH
   1.17.2
